PATH
  remote: .
  specs:
    crdt (0.0.1)

GEM
  remote: http://rubygems.org/
  specs:
    coderay (1.0.8)
    diff-lcs (1.1.3)
    eventmachine (0.12.10)
    guard (1.5.0)
      listen (>= 0.4.2)
      lumberjack (>= 1.0.2)
      pry (>= 0.9.10)
      thor (>= 0.14.6)
    guard-rspec (2.0.0)
      guard (>= 1.1)
      rspec (~> 2.11)
    hirb (0.7.0)
    listen (0.6.0)
    lumberjack (1.0.2)
    method_profiler (2.0.0)
      hirb (>= 0.6.0)
    method_source (0.8.1)
    phantomjs (1.6.0.0)
    pry (0.9.10)
      coderay (~> 1.0.5)
      method_source (~> 0.8)
      slop (~> 3.3.1)
    rb-fsevent (0.9.2)
    rb-readline (0.4.2)
    rspec (2.12.0)
      rspec-core (~> 2.12.0)
      rspec-expectations (~> 2.12.0)
      rspec-mocks (~> 2.12.0)
    rspec-core (2.12.0)
    rspec-expectations (2.12.0)
      diff-lcs (~> 1.1.3)
    rspec-mocks (2.12.0)
    slop (3.3.3)
    thor (0.16.0)

PLATFORMS
  ruby

DEPENDENCIES
  crdt!
  eventmachine
  guard (= 1.5.0)
  guard-rspec (~> 2.0.0)
  hirb
  method_profiler
  phantomjs
  rb-fsevent (~> 0.9.1)
  rb-readline
  rspec
